GEM
  remote: https://rubygems.org/
  specs:
    beaneater (1.0.0)
    i18n (0.7.0)
    ruby-enum (0.4.0)
      i18n
    themis-checker (0.0.1)
      beaneater
      ruby-enum

PLATFORMS
  ruby

DEPENDENCIES
  themis-checker

BUNDLED WITH
   1.10.4
